PATH
  remote: .
  specs:
    alloy_sdk (0.1.0)
      faraday (= 1.0.1)
      httparty (= 0.13.1)
      securerandom (= 0.2.0)

GEM
  remote: https://rubygems.org/
  specs:
    diff-lcs (1.5.0)
    faraday (1.0.1)
      multipart-post (>= 1.2, < 3)
    httparty (0.13.1)
      json (~> 1.8)
      multi_xml (>= 0.5.2)
    json (1.8.6)
    multi_xml (0.6.0)
    multipart-post (2.1.1)
    rake (13.0.6)
    rspec (3.11.0)
      rspec-core (~> 3.11.0)
      rspec-expectations (~> 3.11.0)
      rspec-mocks (~> 3.11.0)
    rspec-core (3.11.0)
      rspec-support (~> 3.11.0)
    rspec-expectations (3.11.0)
      diff-lcs (>= 1.2.0, < 2.0)
      rspec-support (~> 3.11.0)
    rspec-mocks (3.11.1)
      diff-lcs (>= 1.2.0, < 2.0)
      rspec-support (~> 3.11.0)
    rspec-support (3.11.0)
    securerandom (0.2.0)

PLATFORMS
  universal-darwin-21

DEPENDENCIES
  alloy_sdk!
  rake (~> 13.0)
  rspec (~> 3.0)

BUNDLED WITH
   2.3.11
